GIT
  remote: git://github.com/sferik/rails_admin.git
  revision: d5001cd385fe01c79d25d4b67a7dd386e53b6bfb
  specs:
    rails_admin (0.0.1)
      bbenezech-nested_form (~> 0.0.5)
      bootstrap-sass (~> 2.0)
      builder (~> 3.0)
      coffee-rails (~> 3.1)
      haml (~> 3.1)
      jquery-rails (>= 1.0)
      kaminari (~> 0.12)
      rack-pjax (~> 0.5)
      rails (~> 3.1)
      remotipart (~> 1.0)
      sass-rails (~> 3.1)

GEM
  remote: http://rubygems.org/
  specs:
    actionmailer (3.2.0)
      actionpack (= 3.2.0)
      mail (~> 2.4.0)
    actionpack (3.2.0)
      activemodel (= 3.2.0)
      activesupport (= 3.2.0)
      builder (~> 3.0.0)
      erubis (~> 2.7.0)
      journey (~> 1.0.0)
      rack (~> 1.4.0)
      rack-cache (~> 1.1)
      rack-test (~> 0.6.1)
      sprockets (~> 2.1.2)
    activemodel (3.2.0)
      activesupport (= 3.2.0)
      builder (~> 3.0.0)
    activerecord (3.2.0)
      activemodel (= 3.2.0)
      activesupport (= 3.2.0)
      arel (~> 3.0.0)
      tzinfo (~> 0.3.29)
    activeresource (3.2.0)
      activemodel (= 3.2.0)
      activesupport (= 3.2.0)
    activesupport (3.2.0)
      i18n (~> 0.6)
      multi_json (~> 1.0)
    addressable (2.2.7)
    ansi (1.4.2)
    arel (3.0.2)
    bbenezech-nested_form (0.0.5)
    bcrypt-ruby (3.0.1)
    bootstrap-sass (2.0.1)
    builder (3.0.0)
    cancan (1.6.7)
    coderay (1.0.5)
    coffee-rails (3.2.2)
      coffee-script (>= 2.2.0)
      railties (~> 3.2.0)
    coffee-script (2.2.0)
      coffee-script-source
      execjs
    coffee-script-source (1.2.0)
    daemons (1.1.8)
    database_cleaner (0.7.1)
    devise (2.0.4)
      bcrypt-ruby (~> 3.0)
      orm_adapter (~> 0.0.3)
      railties (~> 3.1)
      warden (~> 1.1.1)
    diff-lcs (1.1.3)
    em-websocket (0.3.6)
      addressable (>= 2.1.1)
      eventmachine (>= 0.12.9)
    erubis (2.7.0)
    eventmachine (0.12.10)
    execjs (1.3.0)
      multi_json (~> 1.0)
    factory_girl (2.6.0)
      activesupport (>= 2.3.9)
    factory_girl_rails (1.7.0)
      factory_girl (~> 2.6.0)
      railties (>= 3.0.0)
    fakeweb (1.3.0)
    fakeweb-matcher (1.2.2)
      fakeweb (>= 1.2.5)
      rspec (>= 1.2.0)
    fastercsv (1.5.4)
    ffi (1.0.11)
    guard (1.0.0)
      ffi (>= 0.5.0)
      thor (~> 0.14.6)
    guard-livereload (0.2.1)
      em-websocket (>= 0.2.0)
      guard (>= 0.4.0)
      json (>= 1.5.1)
    guard-rspec (0.6.0)
      guard (>= 0.10.0)
    haml (3.1.4)
    hike (1.2.1)
    hpricot (0.8.6)
    i18n (0.6.0)
    journey (1.0.3)
    jquery-rails (2.0.0)
      railties (>= 3.2.0.beta, < 5.0)
      thor (~> 0.14)
    json (1.6.5)
    kaminari (0.13.0)
      actionpack (>= 3.0.0)
      activesupport (>= 3.0.0)
      railties (>= 3.0.0)
    launchy (2.0.5)
      addressable (~> 2.2.6)
    letter_opener (0.0.2)
      launchy
    libnotify (0.7.2)
    mail (2.4.1)
      i18n (>= 0.4.0)
      mime-types (~> 1.16)
      treetop (~> 1.4.8)
    method_source (0.7.0)
    mime-types (1.17.2)
    multi_json (1.1.0)
    orm_adapter (0.0.6)
    pg (0.13.2)
    polyglot (0.3.3)
    pry (0.9.8.2)
      coderay (~> 1.0.5)
      method_source (~> 0.7)
      slop (>= 2.4.4, < 3)
    pry-nav (0.1.0)
      pry (~> 0.9.8.1)
    rack (1.4.1)
    rack-cache (1.1)
      rack (>= 0.4)
    rack-pjax (0.5.7)
      hpricot (~> 0.8.6)
      rack (~> 1.3)
    rack-ssl (1.3.2)
      rack
    rack-test (0.6.1)
      rack (>= 1.0)
    rails (3.2.0)
      actionmailer (= 3.2.0)
      actionpack (= 3.2.0)
      activerecord (= 3.2.0)
      activeresource (= 3.2.0)
      activesupport (= 3.2.0)
      bundler (~> 1.0)
      railties (= 3.2.0)
    railties (3.2.0)
      actionpack (= 3.2.0)
      activesupport (= 3.2.0)
      rack-ssl (~> 1.3.2)
      rake (>= 0.8.7)
      rdoc (~> 3.4)
      thor (~> 0.14.6)
    rake (0.9.2.2)
    rdoc (3.12)
      json (~> 1.4)
    remotipart (1.0.2)
    rspec (2.8.0)
      rspec-core (~> 2.8.0)
      rspec-expectations (~> 2.8.0)
      rspec-mocks (~> 2.8.0)
    rspec-core (2.8.0)
    rspec-expectations (2.8.0)
      diff-lcs (~> 1.1.2)
    rspec-mocks (2.8.0)
    rspec-rails (2.8.1)
      actionpack (>= 3.0)
      activesupport (>= 3.0)
      railties (>= 3.0)
      rspec (~> 2.8.0)
    sass (3.1.15)
    sass-rails (3.2.4)
      railties (~> 3.2.0)
      sass (>= 3.1.10)
      tilt (~> 1.3)
    settingslogic (2.0.8)
    shoulda-matchers (1.0.0)
    slop (2.4.4)
    sprockets (2.1.2)
      hike (~> 1.2)
      rack (~> 1.0)
      tilt (~> 1.1, != 1.3.0)
    thin (1.3.1)
      daemons (>= 1.0.9)
      eventmachine (>= 0.12.6)
      rack (>= 1.0.0)
    thor (0.14.6)
    tilt (1.3.3)
    treetop (1.4.10)
      polyglot
      polyglot (>= 0.3.1)
    turn (0.9.3)
      ansi
    tzinfo (0.3.31)
    uglifier (1.2.3)
      execjs (>= 0.3.0)
      multi_json (>= 1.0.2)
    warden (1.1.1)
      rack (>= 1.0)

PLATFORMS
  ruby

DEPENDENCIES
  cancan
  coffee-rails (~> 3.2.1)
  database_cleaner
  devise
  factory_girl_rails
  fakeweb-matcher
  fastercsv
  ffi
  guard-livereload
  guard-rspec
  jquery-rails
  letter_opener
  libnotify
  pg
  pry
  pry-nav
  rails (= 3.2)
  rails_admin!
  rspec-rails
  sass-rails (~> 3.2.3)
  settingslogic
  shoulda-matchers
  thin
  turn
  uglifier (>= 1.0.3)
